PATH
  remote: .
  specs:
    sonnet (0.1.0)

GEM
  remote: https://rubygems.org/
  specs:
    byebug (11.0.1)
    minitest (5.11.3)
    rake (12.3.2)

PLATFORMS
  ruby

DEPENDENCIES
  bundler
  byebug
  minitest
  rake
  sonnet!

BUNDLED WITH
   2.0.1
